GEM
  remote: https://rubygems.org/
  specs:
    args_parser (0.2.0)
    avalon (0.0.3)
    chatroid (0.1.3)
      avalon
      tinder
      twitter-stream
      twitter_oauth
      xmpp4r
      zircon
    dnssd (2.0)
    eventmachine (1.0.4)
    faraday (0.9.0)
      multipart-post (>= 1.2, < 3)
    faraday_middleware (0.9.1)
      faraday (>= 0.7.4, < 0.10)
    hashie (3.3.2)
    http_parser.rb (0.5.3)
    httparty (0.13.2)
      json (~> 1.8)
      multi_xml (>= 0.5.2)
    irkit (0.0.8)
      args_parser
      dnssd
      hashie
      httparty
      json
    json (1.8.1)
    mime-types (2.4.3)
    multi_json (1.10.1)
    multi_xml (0.5.5)
    multipart-post (2.0.0)
    netrc (0.10.2)
    oauth (0.4.7)
    rest-client (1.7.2)
      mime-types (>= 1.16, < 3.0)
      netrc (~> 0.7)
    simple_oauth (0.1.9)
    tinder (1.10.1)
      eventmachine (~> 1.0)
      faraday (~> 0.9.0)
      faraday_middleware (~> 0.9)
      hashie (>= 1.0)
      json (~> 1.8.0)
      mime-types
      multi_json (~> 1.7)
      twitter-stream (~> 0.1)
    twitter-stream (0.1.16)
      eventmachine (>= 0.12.8)
      http_parser.rb (~> 0.5.1)
      simple_oauth (~> 0.1.4)
    twitter_oauth (0.4.94)
      json (>= 1.8.0)
      mime-types (>= 1.16)
      oauth (>= 0.4.7)
    xmpp4r (0.5.6)
    zircon (0.0.8)

PLATFORMS
  ruby

DEPENDENCIES
  chatroid
  dnssd (= 2.0)
  irkit
  rest-client (~> 1.7.2)
